GEM
  remote: http://rubygems.org/
  specs:
    colored (1.2)
    confit (1.0.1)
    rake (0.8.7)

PLATFORMS
  ruby

DEPENDENCIES
  colored
  confit (= 1.0.1)
  rake (= 0.8.7)
